GIT
  remote: git@github.com:kareemk/yapper.git
  revision: 1f8885c7ca26d28d81b6f51f0ed7181578e3439d
  specs:
    motion-yapper (0.1.0)
      motion-cocoapods (~> 1.7.0)
      motion-logger (~> 0.1.0)
      motion-support (~> 0.2.0)

GEM
  remote: https://rubygems.org/
  specs:
    activemodel (4.1.7)
      activesupport (= 4.1.7)
      builder (~> 3.1)
    activeresource (4.0.0)
      activemodel (~> 4.0)
      activesupport (~> 4.0)
      rails-observers (~> 0.1.1)
    activesupport (4.1.7)
      i18n (~> 0.6, >= 0.6.9)
      json (~> 1.7, >= 1.7.7)
      minitest (~> 5.1)
      thread_safe (~> 0.1)
      tzinfo (~> 1.1)
    afmotion (2.5)
      motion-cocoapods (>= 1.4.1)
      motion-require (>= 0.1)
    bubble-wrap (1.8.0)
    builder (3.2.2)
    claide (0.8.2)
    cocoapods (0.37.2)
      activesupport (>= 3.2.15)
      claide (~> 0.8.1)
      cocoapods-core (= 0.37.2)
      cocoapods-downloader (~> 0.9.0)
      cocoapods-plugins (~> 0.4.2)
      cocoapods-trunk (~> 0.6.1)
      cocoapods-try (~> 0.4.5)
      colored (~> 1.2)
      escape (~> 0.0.4)
      molinillo (~> 0.2.3)
      nap (~> 0.8)
      xcodeproj (~> 0.24.2)
    cocoapods-core (0.37.2)
      activesupport (>= 3.2.15)
      fuzzy_match (~> 2.0.4)
      nap (~> 0.8.0)
    cocoapods-downloader (0.9.1)
    cocoapods-plugins (0.4.2)
      nap
    cocoapods-trunk (0.6.1)
      nap (>= 0.8)
      netrc (= 0.7.8)
    cocoapods-try (0.4.5)
    colored (1.2)
    escape (0.0.4)
    fuzzy_match (2.0.4)
    i18n (0.7.0)
    ib (0.7.2)
      thor (~> 0.15.4)
      tilt (~> 1.4.1)
      xcodeproj (~> 0.17)
    json (1.8.3)
    minitest (5.7.0)
    molinillo (0.2.3)
    motion-cocoapods (1.7.1)
      cocoapods (>= 0.34)
    motion-env (0.0.4)
    motion-logger (0.1.4)
      motion-cocoapods (~> 1.7, >= 1.7.0)
    motion-require (0.2.0)
    motion-support (0.2.6)
      motion-require (>= 0.0.6)
    nap (0.8.0)
    netrc (0.7.8)
    rails-observers (0.1.2)
      activemodel (~> 4.0)
    rake (10.4.2)
    ruby_motion_query (1.5.0)
    sugarcube (3.3.5)
    thor (0.15.4)
    thread_safe (0.3.5)
    tilt (1.4.1)
    tzinfo (1.2.2)
      thread_safe (~> 0.1)
    xcodeproj (0.24.3)
      activesupport (>= 3)
      colored (~> 1.2)

PLATFORMS
  ruby

DEPENDENCIES
  activeresource
  afmotion
  bubble-wrap
  ib
  motion-cocoapods
  motion-env
  motion-yapper!
  rake
  ruby_motion_query
  sugarcube

BUNDLED WITH
   1.10.6
